GIT
  remote: https://github.com/floraison/flor
  revision: b75f1ffb5724debbec81834a62e033cc3d31ee38
  specs:
    flor (0.17.1)
      dense (~> 1.1, >= 1.1.6)
      fugit (~> 1.1, >= 1.1.8)
      munemo (~> 1.0, >= 1.0.1)
      raabro (~> 1.1, >= 1.1.5)
      sequel (~> 5)

GIT
  remote: https://github.com/floraison/florist
  revision: ea7001da877d4959c8b0db9c8596fe76541ab5f1
  specs:
    florist (0.16.0)
      flor

GEM
  remote: https://rubygems.org/
  specs:
    concurrent-ruby (1.1.5)
    dense (1.1.6)
      raabro (~> 1.1, >= 1.1.5)
    et-orbi (1.1.8)
      tzinfo
    fugit (1.2.0)
      et-orbi (~> 1.1, >= 1.1.8)
      raabro (~> 1.1)
    munemo (1.0.1)
    mustermann (1.0.3)
    puma (3.12.1)
    raabro (1.1.6)
    rack (2.0.7)
    rack-protection (2.0.5)
      rack
    sequel (5.19.0)
    sinatra (2.0.5)
      mustermann (~> 1.0)
      rack (~> 2.0)
      rack-protection (= 2.0.5)
      tilt (~> 2.0)
    slim (4.0.1)
      temple (>= 0.7.6, < 0.9)
      tilt (>= 2.0.6, < 2.1)
    sqlite3 (1.4.0)
    temple (0.8.1)
    tilt (2.0.9)
    tzinfo (2.0.0)
      concurrent-ruby (~> 1.0)

PLATFORMS
  ruby

DEPENDENCIES
  flor!
  florist!
  jdbc-sqlite3
  puma
  sinatra
  slim
  sqlite3

BUNDLED WITH
   2.0.1
