GIT
  remote: https://github.com/floraison/flor
  revision: 81ac2fac6729f86e6550676b9bd51b98bad691a9
  specs:
    flor (0.19.0)
      dense (~> 1.1)
      fugit (~> 1.2)
      munemo (~> 1.0)
      raabro (~> 1.1)
      sequel (~> 5.0)

GIT
  remote: https://github.com/floraison/florist
  revision: 83306fccd39df3d0e76f89f9a677a17c1d50c384
  specs:
    florist (0.18.0)
      flor (~> 0.18)

GEM
  remote: https://rubygems.org/
  specs:
    concurrent-ruby (1.1.5)
    dense (1.1.6)
      raabro (~> 1.1, >= 1.1.5)
    et-orbi (1.2.2)
      tzinfo
    fugit (1.3.3)
      et-orbi (~> 1.1, >= 1.1.8)
      raabro (~> 1.1)
    munemo (1.0.1)
    mustermann (1.0.3)
    nio4r (2.5.8)
    puma (4.3.9)
      nio4r (~> 2.0)
    raabro (1.1.6)
    rack (2.2.3)
    rack-protection (2.0.5)
      rack
    sequel (5.23.0)
    sinatra (2.0.5)
      mustermann (~> 1.0)
      rack (~> 2.0)
      rack-protection (= 2.0.5)
      tilt (~> 2.0)
    slim (4.0.1)
      temple (>= 0.7.6, < 0.9)
      tilt (>= 2.0.6, < 2.1)
    sqlite3 (1.4.0)
    temple (0.8.1)
    tilt (2.0.9)
    tzinfo (2.0.0)
      concurrent-ruby (~> 1.0)

PLATFORMS
  ruby

DEPENDENCIES
  flor!
  florist!
  jdbc-sqlite3
  puma
  sinatra
  slim
  sqlite3

BUNDLED WITH
   2.0.1
